GEM
  remote: https://rubygems.org/
  specs:
    chef-api (0.5.0)
      logify (~> 0.1)
      mime-types
    logify (0.2.0)
    mime-types (3.0)
      mime-types-data (~> 3.2015)
    mime-types-data (3.2015.1120)
    stove (3.2.8)
      chef-api (~> 0.5)
      logify (~> 0.2)

PLATFORMS
  ruby

DEPENDENCIES
  stove
